PATH
  remote: .
  specs:
    photo_dir (0.1.0)

GEM
  remote: https://rubygems.org/
  specs:
    minitest (5.14.4)
    mustermann (1.1.1)
      ruby2_keywords (~> 0.0.1)
    rack (2.2.3)
    rack-protection (2.1.0)
      rack
    rake (10.5.0)
    ruby2_keywords (0.0.4)
    sinatra (2.1.0)
      mustermann (~> 1.0)
      rack (~> 2.2)
      rack-protection (= 2.1.0)
      tilt (~> 2.0)
    tilt (2.0.10)

PLATFORMS
  x86_64-darwin-19

DEPENDENCIES
  bundler (~> 2.0)
  minitest (~> 5.0)
  photo_dir!
  rake (~> 10.0)
  sinatra

BUNDLED WITH
   2.2.5
